GEM
  remote: https://rubygems.org/
  specs:
    json (1.7.7)
    mysql2 (0.3.20)
    mysql2json (0.0.4)
      json (~> 1.7.7)
      mysql2 (~> 0.3.11)
    rack (1.6.4)
    rack-protection (1.5.3)
      rack
    sinatra (1.4.6)
      rack (~> 1.4)
      rack-protection (~> 1.4)
      tilt (>= 1.3, < 3)
    sinatra-cross_origin (0.3.2)
    tilt (2.0.1)

PLATFORMS
  ruby

DEPENDENCIES
  json
  mysql2json
  rack
  sinatra
  sinatra-cross_origin

BUNDLED WITH
   1.11.2
